PATH
  remote: .
  specs:
    devise-security (0.11.0)
      devise (>= 3.0.0, < 5.0)
      railties (>= 3.2.6, < 6.0)

GEM
  remote: https://rubygems.org/
  specs:
    actioncable (5.1.3)
      actionpack (= 5.1.3)
      nio4r (~> 2.0)
      websocket-driver (~> 0.6.1)
    actionmailer (5.1.3)
      actionpack (= 5.1.3)
      actionview (= 5.1.3)
      activejob (= 5.1.3)
      mail (~> 2.5, >= 2.5.4)
      rails-dom-testing (~> 2.0)
    actionpack (5.1.3)
      actionview (= 5.1.3)
      activesupport (= 5.1.3)
      rack (~> 2.0)
      rack-test (~> 0.6.3)
      rails-dom-testing (~> 2.0)
      rails-html-sanitizer (~> 1.0, >= 1.0.2)
    actionview (5.1.3)
      activesupport (= 5.1.3)
      builder (~> 3.1)
      erubi (~> 1.4)
      rails-dom-testing (~> 2.0)
      rails-html-sanitizer (~> 1.0, >= 1.0.3)
    activejob (5.1.3)
      activesupport (= 5.1.3)
      globalid (>= 0.3.6)
    activemodel (5.1.3)
      activesupport (= 5.1.3)
    activerecord (5.1.3)
      activemodel (= 5.1.3)
      activesupport (= 5.1.3)
      arel (~> 8.0)
    activesupport (5.1.3)
      concurrent-ruby (~> 1.0, >= 1.0.2)
      i18n (~> 0.7)
      minitest (~> 5.1)
      tzinfo (~> 1.1)
    arel (8.0.0)
    ast (2.3.0)
    bcrypt (3.1.11)
    builder (3.2.3)
    concurrent-ruby (1.0.5)
    coveralls (0.8.21)
      json (>= 1.8, < 3)
      simplecov (~> 0.14.1)
      term-ansicolor (~> 1.3)
      thor (~> 0.19.4)
      tins (~> 1.6)
    devise (4.3.0)
      bcrypt (~> 3.0)
      orm_adapter (~> 0.1)
      railties (>= 4.1.0, < 5.2)
      responders
      warden (~> 1.2.3)
    diff-lcs (1.3)
    docile (1.1.5)
    easy_captcha (0.6.5)
      bundler (>= 1.1.0)
      rails (>= 3.0.0)
      rmagick (>= 2.13.1)
      rspec-rails (>= 2.8.1)
      simplecov (>= 0.3.8)
      yard (>= 0.7.0)
    erubi (1.6.1)
    globalid (0.4.0)
      activesupport (>= 4.2.0)
    i18n (0.8.6)
    json (2.1.0)
    loofah (2.0.3)
      nokogiri (>= 1.5.9)
    mail (2.6.6)
      mime-types (>= 1.16, < 4)
    method_source (0.8.2)
    mime-types (3.1)
      mime-types-data (~> 3.2015)
    mime-types-data (3.2016.0521)
    mini_portile2 (2.2.0)
    minitest (5.10.3)
    nio4r (2.1.0)
    nokogiri (1.8.0)
      mini_portile2 (~> 2.2.0)
    orm_adapter (0.5.0)
    parallel (1.12.0)
    parser (2.4.0.0)
      ast (~> 2.2)
    powerpack (0.1.1)
    rack (2.0.3)
    rack-test (0.6.3)
      rack (>= 1.0)
    rails (5.1.3)
      actioncable (= 5.1.3)
      actionmailer (= 5.1.3)
      actionpack (= 5.1.3)
      actionview (= 5.1.3)
      activejob (= 5.1.3)
      activemodel (= 5.1.3)
      activerecord (= 5.1.3)
      activesupport (= 5.1.3)
      bundler (>= 1.3.0)
      railties (= 5.1.3)
      sprockets-rails (>= 2.0.0)
    rails-dom-testing (2.0.3)
      activesupport (>= 4.2.0)
      nokogiri (>= 1.6)
    rails-html-sanitizer (1.0.3)
      loofah (~> 2.0)
    rails_email_validator (0.1.4)
      activemodel (>= 3.0.0)
    railties (5.1.3)
      actionpack (= 5.1.3)
      activesupport (= 5.1.3)
      method_source
      rake (>= 0.8.7)
      thor (>= 0.18.1, < 2.0)
    rainbow (2.2.2)
      rake
    rake (12.0.0)
    responders (2.4.0)
      actionpack (>= 4.2.0, < 5.3)
      railties (>= 4.2.0, < 5.3)
    rmagick (2.16.0)
    rspec-core (3.6.0)
      rspec-support (~> 3.6.0)
    rspec-expectations (3.6.0)
      diff-lcs (>= 1.2.0, < 2.0)
      rspec-support (~> 3.6.0)
    rspec-mocks (3.6.0)
      diff-lcs (>= 1.2.0, < 2.0)
      rspec-support (~> 3.6.0)
    rspec-rails (3.6.1)
      actionpack (>= 3.0)
      activesupport (>= 3.0)
      railties (>= 3.0)
      rspec-core (~> 3.6.0)
      rspec-expectations (~> 3.6.0)
      rspec-mocks (~> 3.6.0)
      rspec-support (~> 3.6.0)
    rspec-support (3.6.0)
    rubocop (0.49.1)
      parallel (~> 1.10)
      parser (>= 2.3.3.1, < 3.0)
      powerpack (~> 0.1)
      rainbow (>= 1.99.1, < 3.0)
      ruby-progressbar (~> 1.7)
      unicode-display_width (~> 1.0, >= 1.0.1)
    ruby-progressbar (1.8.1)
    simplecov (0.14.1)
      docile (~> 1.1.0)
      json (>= 1.8, < 3)
      simplecov-html (~> 0.10.0)
    simplecov-html (0.10.2)
    sprockets (3.7.1)
      concurrent-ruby (~> 1.0)
      rack (> 1, < 3)
    sprockets-rails (3.2.0)
      actionpack (>= 4.0)
      activesupport (>= 4.0)
      sprockets (>= 3.0.0)
    sqlite3 (1.3.13)
    term-ansicolor (1.6.0)
      tins (~> 1.0)
    thor (0.19.4)
    thread_safe (0.3.6)
    tins (1.15.0)
    tzinfo (1.2.3)
      thread_safe (~> 0.1)
    unicode-display_width (1.3.0)
    warden (1.2.7)
      rack (>= 1.0)
    websocket-driver (0.6.5)
      websocket-extensions (>= 0.1.0)
    websocket-extensions (0.1.2)
    yard (0.9.9)

PLATFORMS
  ruby

DEPENDENCIES
  bundler (>= 1.3.0, < 2.0)
  coveralls (~> 0.8)
  devise-security!
  easy_captcha (~> 0)
  minitest (~> 5.0)
  rails_email_validator (~> 0)
  rubocop (~> 0)
  sqlite3 (~> 1.3, >= 1.3.10)

BUNDLED WITH
   1.15.3
